GEM
  remote: https://rubygems.org/
  specs:
    coingecko_ruby (0.4.2)
    dotenv (2.8.1)
    json (2.6.2)
    jwt (2.5.0)
    nexmo-jwt (0.1.2)
      jwt (~> 2)
    openssl (3.0.1)
    phonelib (0.7.2)
    rexml (3.2.5)
    sorbet-runtime (0.5.10415)
    uri (0.11.0)
    vonage (7.8.0)
      nexmo-jwt (~> 0.1.2)
      phonelib
      rexml
      sorbet-runtime (~> 0.5)
      zeitwerk (~> 2, >= 2.2)
    zeitwerk (2.6.0)

PLATFORMS
  x86_64-darwin-20

DEPENDENCIES
  coingecko_ruby
  dotenv
  json
  openssl
  uri
  vonage

BUNDLED WITH
   2.2.15
